GEM
  remote: https://rubygems.org/
  specs:
    backports (3.11.1)
    erubis (2.7.0)
    minitest (5.10.3)
    multi_json (1.13.1)
    puma (3.11.3)
    rack (1.6.9)
    rack-protection (1.5.5)
      rack
    rack-test (0.8.3)
      rack (>= 1.0, < 3)
    sinatra (1.4.8)
      rack (~> 1.5)
      rack-protection (~> 1.4)
      tilt (>= 1.3, < 3)
    sinatra-contrib (1.4.7)
      backports (>= 2.0)
      multi_json
      rack-protection
      rack-test
      sinatra (~> 1.4.0)
      tilt (>= 1.3, < 3)
    tilt (2.0.8)

PLATFORMS
  x64-mingw32

DEPENDENCIES
  erubis
  minitest
  puma
  sinatra (~> 1.4.7)
  sinatra-contrib

RUBY VERSION
   ruby 2.3.3p222

BUNDLED WITH
   1.15.3
